GEM
  specs:
    childprocess (0.5.9)
      ffi (~> 1.0, >= 1.0.11)
    ffi (1.9.14)
    power_assert (0.2.2)
    rubyzip (1.2.0)
    selenium-webdriver (2.53.4)
      childprocess (~> 0.5)
      rubyzip (~> 1.0)
      websocket (~> 1.0)
    test-unit (3.0.8)
      power_assert
    websocket (1.2.3)

PLATFORMS
  ruby

DEPENDENCIES
  selenium-webdriver
  test-unit

BUNDLED WITH
   1.13.1
